{
	"Modality": "MR",
	"MagneticFieldStrength": 3,
	"ImagingFrequency": 127.752,
	"Manufacturer": "Philips",
	"ManufacturersModelName": "Ingenia",
	"InstitutionName": "O.H.S.U.",
	"InstitutionalDepartmentName": "Diagnostic_Imaging",
	"DeviceSerialNumber": "42293",
	"StationName": "MRI4",
	"BodyPartExamined": "BRAIN",
	"PatientPosition": "HFS",
	"ProcedureStepDescription": "MR_FUNCTIONAL_W_MD_OR_PHD",
	"SoftwareVersions": "5.6.1_5.6.1.1",
	"MRAcquisitionType": "3D",
	"SeriesDescription": "T1",
	"ProtocolName": "T1",
	"ScanningSequence": "GR",
	"SequenceVariant": "MP",
	"ScanOptions": "PFP",
	"ImageType": ["ORIGINAL", "PRIMARY", "M", "FFE", "M", "FFE"],
	"SeriesNumber": 401,
	"AcquisitionTime": "11:53:0.070000",
	"AcquisitionNumber": 4,
	"PhilipsRWVSlope": 5.57802,
	"PhilipsRWVIntercept": 0,
	"PhilipsRescaleSlope": 5.57802,
	"PhilipsRescaleIntercept": 0,
	"PhilipsScaleSlope": 0.00296102,
	"UsePhilipsFloatNotDisplayScaling": 1,
	"SliceThickness": 1,
	"SpacingBetweenSlices": 1,
	"SAR": 0.0230919,
	"EchoTime": 0.002945,
	"RepetitionTime": 0.0065441,
	"FlipAngle": 8,
	"CoilString": "MULTI_COIL",
	"PercentPhaseFOV": 100,
	"EchoTrainLength": 204,
	"PhaseEncodingSteps": 250,
	"AcquisitionMatrixPE": 250,
	"ReconMatrixPE": 480,
	"PixelBandwidth": 271,
	"ImageOrientationPatientDICOM": [
		1,
		0,
		0,
		0,
		1,
		0	],
	"InPlanePhaseEncodingDirectionDICOM": "ROW",
	"ConversionSoftware": "dcm2niix",
	"ConversionSoftwareVersion": "v1.0.20190902"
}
