{
	"Modality": "MR",
	"MagneticFieldStrength": 3,
	"ImagingFrequency": 123.257,
	"Manufacturer": "Siemens",
	"ManufacturersModelName": "MAGNETOM_Vida",
	"BodyPartExamined": "BRAIN",
	"PatientPosition": "HFS",
	"ProcedureStepDescription": "MR_BRAIN_WWO_PLUS_FRAMELESS_STEREOTACTIC",
	"SoftwareVersions": "syngo_MR_XA11",
	"MRAcquisitionType": "3D",
	"ScanningSequence": "SE",
	"SequenceVariant": "SP_SK",
	"ScanOptions": "PFP_CG_RG_PER",
	"SequenceName": "_spcR_282",
	"ImageType": ["ORIGINAL", "PRIMARY", "M", "NORM", "DIS3D", "DIS2D", "MFSPLIT"],
	"SeriesNumber": 5,
	"AcquisitionTime": "14:49:12.630000",
	"AcquisitionNumber": 1,
	"SliceThickness": 1,
	"SAR": 0.278854,
	"NumberOfAverages": 2,
	"EchoTime": 0.403,
	"RepetitionTime": 2.5,
	"FlipAngle": 120,
	"CoilString": "HeadNeck_20_TCS",
	"PercentPhaseFOV": 100,
	"EchoTrainLength": 240,
	"PhaseEncodingSteps": 256,
	"AcquisitionMatrixPE": 256,
	"ReconMatrixPE": 256,
	"PixelBandwidth": 723,
	"ImageOrientationPatientDICOM": [
		1,
		4.897e-12,
		0,
		-4.897e-12,
		1,
		0	],
	"InPlanePhaseEncodingDirectionDICOM": "ROW",
	"ConversionSoftware": "dcm2niix",
	"ConversionSoftwareVersion": "v1.0.20190902"
}
