{
	"Modality": "MR",
	"MagneticFieldStrength": 1.5,
	"ImagingFrequency": 63.8795,
	"Manufacturer": "Philips",
	"ManufacturersModelName": "Achieva",
	"BodyPartExamined": "BRAIN",
	"PatientPosition": "HFS",
	"ProcedureStepDescription": "MR_BRAIN_WWO_PLUS_FRAMELESS_STEREOTACTIC",
	"SoftwareVersions": "3.2.3",
	"MRAcquisitionType": "3D",
	"ScanningSequence": "GR",
	"SequenceVariant": "MP",
	"ScanOptions": "OTHER",
	"ImageType": ["ORIGINAL", "PRIMARY", "PROJECTION", "IMAGE", "M", "FFE"],
	"SeriesNumber": 404,
	"AcquisitionTime": "22:35:37.000000",
	"AcquisitionNumber": 4,
	"SliceThickness": 1,
	"SpacingBetweenSlices": 1,
	"SAR": 0.0910899,
	"EchoTime": 0.003161,
	"RepetitionTime": 0.006986,
	"FlipAngle": 8,
	"CoilString": "SENSE-Head-8",
	"PercentPhaseFOV": 98.4375,
	"EchoTrainLength": 232,
	"PhaseEncodingSteps": 236,
	"AcquisitionMatrixPE": 236,
	"ReconMatrixPE": 256,
	"PixelBandwidth": 241,
	"ImageOrientationPatientDICOM": [
		0.998994,
		0.0448354,
		0,
		-0.0448354,
		0.998994,
		0	],
	"ConversionSoftware": "dcm2niix",
	"ConversionSoftwareVersion": "v1.0.20190902"
}
