{
    "Modality": "MR",
    "MagneticFieldStrength": 3,
    "ImagingFrequency": 127.752,
    "Manufacturer": "Philips",
    "ManufacturersModelName": "Ingenia",
    "InstitutionName": "O.H.S.U.",
    "InstitutionalDepartmentName": "Diagnostic_Imaging",
    "DeviceSerialNumber": "42293",
    "StationName": "MRI4",
    "BodyPartExamined": "BRAIN",
    "PatientPosition": "HFS",
    "ProcedureStepDescription": "MR_BRAIN_WWO_PLUS_FRAMELESS_STEREOTACTIC",
    "SoftwareVersions": "5.6.1_5.6.1.1",
    "MRAcquisitionType": "3D",
    "SeriesDescription": "SAG_3D_BrainVIEW_T1W",
    "ProtocolName": "SAG_3D_BrainVIEW_T1W",
    "ScanningSequence": "SE",
    "SequenceVariant": "SK",
    "ScanOptions": "OTHER",
    "ImageType": [
        "ORIGINAL",
        "PRIMARY",
        "M",
        "SE",
        "M",
        "SE"
    ],
    "SeriesNumber": 301,
    "AcquisitionTime": "12:00:5.680000",
    "AcquisitionNumber": 3,
    "PhilipsRWVSlope": 1.84689,
    "PhilipsRWVIntercept": 0,
    "PhilipsRescaleSlope": 1.84689,
    "PhilipsRescaleIntercept": 0,
    "PhilipsScaleSlope": 0.0348555,
    "UsePhilipsFloatNotDisplayScaling": 1,
    "SliceThickness": 1.1,
    "SpacingBetweenSlices": 0.55,
    "SAR": 0.0438658,
    "EchoTime": 0.028328,
    "RepetitionTime": 0.6,
    "FlipAngle": 90,
    "CoilString": "MULTI_COIL",
    "PercentPhaseFOV": 100,
    "EchoTrainLength": 20,
    "PhaseEncodingSteps": 250,
    "AcquisitionMatrixPE": 250,
    "ReconMatrixPE": 640,
    "PixelBandwidth": 262,
    "ImageOrientationPatientDICOM": [
        3.3905e-21,
        1,
        -2.73289e-20,
        0,
        -2.73289e-20,
        -1
    ],
    "InPlanePhaseEncodingDirectionDICOM": "ROW",
    "ConversionSoftware": "dcm2niix",
    "ConversionSoftwareVersion": "v1.0.20190902",
    "AnatomicalLandmarkCoordinates": {
        "AC": [-1.56877938,40.20424336,22.2936077],
        "PC": [0.39219084,15.36501518,24.33501394]
    }
}