{
	"Modality": "MR",
	"MagneticFieldStrength": 3,
	"ImagingFrequency": 127.752,
	"Manufacturer": "Philips",
	"ManufacturersModelName": "Ingenia",
	"DeviceSerialNumber": "42293",
	"BodyPartExamined": "BRAIN",
	"PatientPosition": "HFS",
	"ProcedureStepDescription": "MR_BRAIN_WWO_PLUS_FRAMELESS_STEREOTACTIC",
	"SoftwareVersions": "5.6.1_5.6.1.1",
	"MRAcquisitionType": "3D",
	"SeriesDescription": "T2_3D_VISTA",
	"ProtocolName": "T2_3D_VISTA",
	"ScanningSequence": "SE",
	"SequenceVariant": "SK",
	"ScanOptions": "FS",
	"ImageType": ["ORIGINAL", "PRIMARY", "M", "SE", "M", "SE"],
	"SeriesNumber": 801,
	"AcquisitionNumber": 8,
	"PhilipsRWVSlope": 1.52967,
	"PhilipsRWVIntercept": 0,
	"PhilipsRescaleSlope": 1.52967,
	"PhilipsRescaleIntercept": 0,
	"PhilipsScaleSlope": 0.00263524,
	"UsePhilipsFloatNotDisplayScaling": 1,
	"SliceThickness": 2,
	"SpacingBetweenSlices": 2,
	"SAR": 0.0327349,
	"NumberOfAverages": 2,
	"EchoTime": 0.243788,
	"RepetitionTime": 2.5,
	"FlipAngle": 90,
	"CoilString": "MULTI_COIL",
	"PercentPhaseFOV": 100,
	"EchoTrainLength": 133,
	"PhaseEncodingSteps": 236,
	"AcquisitionMatrixPE": 236,
	"ReconMatrixPE": 320,
	"PixelBandwidth": 946,
	"ImageOrientationPatientDICOM": [
		1,
		0,
		0,
		0,
		1,
		0	],
	"InPlanePhaseEncodingDirectionDICOM": "ROW",
	"ConversionSoftware": "dcm2niix",
	"ConversionSoftwareVersion": "v1.0.20190902"
}
