{
    "Modality": "MR",
    "MagneticFieldStrength": 3,
    "ImagingFrequency": 127.752,
    "Manufacturer": "Philips",
    "ManufacturersModelName": "Ingenia",
    "DeviceSerialNumber": "42293",
    "BodyPartExamined": "BRAIN",
    "PatientPosition": "HFS",
    "ProcedureStepDescription": "MR_BRAIN_WWO_PLUS_FRAMELESS_STEREOTACTIC",
    "SoftwareVersions": "5.6.1_5.6.1.1",
    "MRAcquisitionType": "3D",
    "SeriesDescription": "3D_T1_NEW",
    "ProtocolName": "3D_T1_NEW",
    "ScanningSequence": "GR",
    "SequenceVariant": "SP",
    "ScanOptions": "SP",
    "ImageType": [
        "ORIGINAL",
        "PRIMARY",
        "M",
        "FFE",
        "M",
        "FFE"
    ],
    "SeriesNumber": 801,
    "AcquisitionTime": "11:29:58.580000",
    "AcquisitionNumber": 8,
    "PhilipsRWVSlope": 1.96459,
    "PhilipsRWVIntercept": 0,
    "PhilipsRescaleSlope": 1.96459,
    "PhilipsRescaleIntercept": 0,
    "PhilipsScaleSlope": 0.00451563,
    "UsePhilipsFloatNotDisplayScaling": 1,
    "SliceThickness": 1.3,
    "SpacingBetweenSlices": 1.3,
    "SAR": 0.370539,
    "EchoTime": 0.004605,
    "RepetitionTime": 0.0164995,
    "FlipAngle": 30,
    "CoilString": "MULTI_COIL",
    "PercentPhaseFOV": 100,
    "PhaseEncodingSteps": 227,
    "AcquisitionMatrixPE": 227,
    "ReconMatrixPE": 240,
    "PixelBandwidth": 217,
    "ImageOrientationPatientDICOM": [
        1,
        0,
        0,
        0,
        1,
        0
    ],
    "InPlanePhaseEncodingDirectionDICOM": "ROW",
    "ConversionSoftware": "dcm2niix",
    "ConversionSoftwareVersion": "v1.0.20190902"
}
