{
	"Modality": "MR",
	"MagneticFieldStrength": 3,
	"ImagingFrequency": 127.752,
	"Manufacturer": "Philips",
	"ManufacturersModelName": "Ingenia",
	"DeviceSerialNumber": "42293",
	"BodyPartExamined": "BRAIN",
	"PatientPosition": "HFS",
	"ProcedureStepDescription": "MRI_3D_RECONSTRUCTION",
	"SoftwareVersions": "5.6.1_5.6.1.1",
	"MRAcquisitionType": "3D",
	"SeriesDescription": "25ML_DOTA_3D_T1_FFE_cs3.5",
	"ProtocolName": "25ML_DOTA_3D_T1_FFE_cs3.5",
	"ScanningSequence": "GR",
	"SequenceVariant": "SP",
	"ScanOptions": "SP",
	"ImageType": ["ORIGINAL", "PRIMARY", "M", "FFE", "M", "FFE"],
	"SeriesNumber": 301,
	"AcquisitionNumber": 3,
	"PhilipsRWVSlope": 1.91111,
	"PhilipsRWVIntercept": 0,
	"PhilipsRescaleSlope": 1.91111,
	"PhilipsRescaleIntercept": 0,
	"PhilipsScaleSlope": 0.003609,
	"UsePhilipsFloatNotDisplayScaling": 1,
	"SliceThickness": 1.3,
	"SpacingBetweenSlices": 1.3,
	"SAR": 0.370908,
	"EchoTime": 0.004605,
	"RepetitionTime": 0.0165005,
	"FlipAngle": 30,
	"CoilString": "MULTI_COIL",
	"PercentPhaseFOV": 100,
	"PhaseEncodingSteps": 260,
	"AcquisitionMatrixPE": 260,
	"ReconMatrixPE": 352,
	"PixelBandwidth": 217,
	"ImageOrientationPatientDICOM": [
		1,
		0,
		0,
		0,
		1,
		0	],
	"InPlanePhaseEncodingDirectionDICOM": "ROW",
	"ConversionSoftware": "dcm2niix",
	"ConversionSoftwareVersion": "v1.0.20190902",
	"AnatomicalLandmarkCoordinates": {
		"AC": [6.75242527,28.19757958,-9.72262142],
		"PC": [6.75378534,3.65688264,-14.49275685]
	}
}
