{
	"Modality": "MR",
	"MagneticFieldStrength": 1.5,
	"ImagingFrequency": 63.8794,
	"Manufacturer": "Philips",
	"ManufacturersModelName": "Achieva",
	"BodyPartExamined": "BRAIN",
	"PatientPosition": "HFS",
	"ProcedureStepDescription": "MR_BRAIN_WWO_PLUS_FRAMELESS_STEREOTACTIC",
	"SoftwareVersions": "3.2.3_3.2.3.2",
	"MRAcquisitionType": "3D",
	"ScanningSequence": "SE",
	"SequenceVariant": "SK",
	"ScanOptions": "FS",
	"ImageType": ["ORIGINAL", "PRIMARY", "M", "SE", "M", "SE"],
	"SeriesNumber": 501,
	"AcquisitionTime": "22:43:25.400000",
	"AcquisitionNumber": 5,
	"SliceThickness": 2,
	"SpacingBetweenSlices": 2,
	"SAR": 0.267832,
	"NumberOfAverages": 2,
	"EchoTime": 0.266884,
	"RepetitionTime": 2,
	"FlipAngle": 90,
	"CoilString": "SENSE-Head-8",
	"PercentPhaseFOV": 100,
	"EchoTrainLength": 141,
	"PhaseEncodingSteps": 250,
	"AcquisitionMatrixPE": 250,
	"ReconMatrixPE": 256,
	"PixelBandwidth": 794,
	"ImageOrientationPatientDICOM": [
		1,
		0,
		0,
		0,
		1,
		0	],
	"InPlanePhaseEncodingDirectionDICOM": "COL",
	"ConversionSoftware": "dcm2niix",
	"ConversionSoftwareVersion": "v1.0.20190902"
}
