{
	"Modality": "MR",
	"MagneticFieldStrength": 3,
	"ImagingFrequency": 123.257,
	"Manufacturer": "Siemens",
	"InstitutionName": "Oregon_Health_and_Science_University",
	"InstitutionalDepartmentName": "DEFAULT",
	"InstitutionAddress": "SW_Sam_Jackson_Park_Road_3181_Portland_Seattle_US_97239",
	"DeviceSerialNumber": "175803",
	"StationName": "MRI",
	"PatientPosition": "HFS",
	"SoftwareVersions": "syngo_MR_XA11_MAGNETOM_Vida_syngo_MR_XA11",
	"SeriesDescription": "T1_3D_SAG_MPRAGE_MPR_AX_2MM",
	"ProtocolName": "T1_3D_SAG_MPRAGE",
	"ScanningSequence": "GR",
	"SequenceVariant": "SK",
	"ScanOptions": "CG_RG_FS_PER",
	"ImageType": ["DERIVED", "PRIMARY", "M", "NONE", "M", "DIS2D", "MFSPLIT"],
	"RawImage": false,
	"SeriesNumber": 3,
	"AcquisitionTime": "14:48:39.574620",
	"AcquisitionNumber": 1,
	"SliceThickness": 2,
	"SAR": 0.0940919,
	"EchoTime": 0.00227,
	"RepetitionTime": 2.3,
	"FlipAngle": 8,
	"CoilString": "HeadNeck_20_TCS",
	"MultibandAccelerationFactor": 99,
	"ReconMatrixPE": 513,
	"PixelBandwidth": 199,
	"SliceTiming": [
		0,
		0,
		0,
		0,
		0,
		0,
		0,
		0,
		0,
		0,
		0,
		0,
		0,
		0,
		0,
		0,
		0,
		0,
		0,
		0,
		0,
		0,
		0,
		0,
		0,
		0,
		0,
		0,
		0,
		0,
		0,
		0,
		0,
		0,
		0,
		0,
		0,
		0,
		0,
		0,
		0,
		0,
		0,
		0,
		0,
		0,
		0,
		0,
		0,
		0,
		0,
		0,
		0,
		0,
		0,
		0,
		0,
		0,
		0,
		0,
		0,
		0,
		0,
		0,
		0,
		0,
		0,
		0,
		0,
		0,
		0,
		0,
		0,
		0,
		0,
		0,
		0,
		0,
		0,
		0,
		0,
		0,
		0,
		0,
		0,
		0,
		0,
		0,
		0,
		0,
		0,
		0,
		0,
		0,
		0,
		0,
		0,
		0,
		0	],
	"ImageOrientationPatientDICOM": [
		0.998729,
		0.0212928,
		-0.045688,
		-0.0298019,
		0.980444,
		-0.194528	],
	"ConversionSoftware": "dcm2niix",
	"ConversionSoftwareVersion": "v1.0.20190902",
	"AnatomicalLandmarkCoordinates": {
		"AC": [0.37997672,8.50146082,3.72818376],
		"PC": [0.06807749,-16.19329915,7.61039301]
	}
}
