{
	"Modality": "MR",
	"MagneticFieldStrength": 3,
	"ImagingFrequency": 127.752,
	"Manufacturer": "Philips",
	"ManufacturersModelName": "Ingenia",
	"InstitutionName": "O.H.S.U.",
	"InstitutionalDepartmentName": "Diagnostic_Imaging",
	"DeviceSerialNumber": "42293",
	"StationName": "MRI4",
	"BodyPartExamined": "BRAIN",
	"PatientPosition": "HFS",
	"ProcedureStepDescription": "MR_FUNCTIONAL_W_MD_OR_PHD",
	"SoftwareVersions": "5.6.1_5.6.1.1",
	"MRAcquisitionType": "3D",
	"SeriesDescription": "+T2",
	"ProtocolName": "+T2",
	"ScanningSequence": "SE",
	"SequenceVariant": "SK",
	"ScanOptions": "FS",
	"ImageType": ["ORIGINAL", "PRIMARY", "M", "SE", "M", "SE"],
	"SeriesNumber": 601,
	"AcquisitionTime": "12:00:52.390000",
	"AcquisitionNumber": 6,
	"PhilipsRWVSlope": 2.04225,
	"PhilipsRWVIntercept": 0,
	"PhilipsRescaleSlope": 2.04225,
	"PhilipsRescaleIntercept": 0,
	"PhilipsScaleSlope": 0.00102028,
	"UsePhilipsFloatNotDisplayScaling": 1,
	"SliceThickness": 2,
	"SpacingBetweenSlices": 1,
	"SAR": 0.0298227,
	"NumberOfAverages": 2,
	"EchoTime": 0.286604,
	"RepetitionTime": 2.5,
	"FlipAngle": 90,
	"CoilString": "MULTI_COIL",
	"PercentPhaseFOV": 92.1429,
	"EchoTrainLength": 115,
	"PhaseEncodingSteps": 250,
	"AcquisitionMatrixPE": 250,
	"ReconMatrixPE": 560,
	"PixelBandwidth": 936,
	"ImageOrientationPatientDICOM": [
		1,
		0,
		0,
		0,
		1,
		0	],
	"InPlanePhaseEncodingDirectionDICOM": "ROW",
	"ConversionSoftware": "dcm2niix",
	"ConversionSoftwareVersion": "v1.0.20190902"
}
