{
	"Modality": "MR",
	"MagneticFieldStrength": 3,
	"ImagingFrequency": 127.751,
	"Manufacturer": "Philips",
	"ManufacturersModelName": "Ingenia",
	"InstitutionName": "O.H.S.U.",
	"InstitutionalDepartmentName": "Diagnostic_Imaging",
	"DeviceSerialNumber": "42293",
	"StationName": "MRI4",
	"BodyPartExamined": "BRAIN",
	"PatientPosition": "HFS",
	"ProcedureStepDescription": "MR_FUNCTIONAL_W_MD_OR_PHD",
	"SoftwareVersions": "5.3.1_5.3.1.0",
	"MRAcquisitionType": "3D",
	"SeriesDescription": "3D_T1_NEW",
	"ProtocolName": "3D_T1_NEW",
	"ScanningSequence": "GR",
	"SequenceVariant": "SP",
	"ScanOptions": "SP",
	"ImageType": ["ORIGINAL", "PRIMARY", "M", "FFE", "M", "FFE"],
	"SeriesNumber": 301,
	"AcquisitionTime": "14:31:8.770000",
	"AcquisitionNumber": 3,
	"PhilipsRescaleSlope": 2.04371,
	"PhilipsRescaleIntercept": 0,
	"PhilipsScaleSlope": 0.00548953,
	"UsePhilipsFloatNotDisplayScaling": 1,
	"SliceThickness": 1.3,
	"SpacingBetweenSlices": 1.3,
	"SAR": 0.370572,
	"EchoTime": 0.004605,
	"RepetitionTime": 0.016498,
	"FlipAngle": 30,
	"CoilString": "MULTI_COIL",
	"PercentPhaseFOV": 100,
	"PhaseEncodingSteps": 247,
	"AcquisitionMatrixPE": 247,
	"ReconMatrixPE": 288,
	"PixelBandwidth": 217,
	"ImageOrientationPatientDICOM": [
		1,
		0,
		0,
		0,
		1,
		0	],
	"InPlanePhaseEncodingDirectionDICOM": "ROW",
	"ConversionSoftware": "dcm2niix",
	"ConversionSoftwareVersion": "v1.0.20190902",
	"AnatomicalLandmarkCoordinates": {
		"AC": [-0.03634544,36.10766784,34.33590597],
		"PC": [1.49024776,11.38936025,37.75274419]
	}
}
