{
	"Modality": "MR",
	"MagneticFieldStrength": 3,
	"ImagingFrequency": 127.751,
	"Manufacturer": "Philips",
	"ManufacturersModelName": "Ingenia",
	"InstitutionName": "O.H.S.U.",
	"InstitutionalDepartmentName": "Diagnostic_Imaging",
	"DeviceSerialNumber": "42293",
	"StationName": "MRI4",
	"BodyPartExamined": "BRAIN",
	"PatientPosition": "HFS",
	"ProcedureStepDescription": "MR_FUNCTIONAL_W_MD_OR_PHD",
	"SoftwareVersions": "5.3.1_5.3.1.0",
	"MRAcquisitionType": "3D",
	"SeriesDescription": "T2_3D_VISTA",
	"ProtocolName": "T2_3D_VISTA",
	"ScanningSequence": "SE",
	"SequenceVariant": "SK",
	"ScanOptions": "FS",
	"ImageType": ["ORIGINAL", "PRIMARY", "M", "SE", "M", "SE"],
	"SeriesNumber": 201,
	"AcquisitionTime": "14:27:17.030000",
	"AcquisitionNumber": 2,
	"PhilipsRescaleSlope": 1.65519,
	"PhilipsRescaleIntercept": 0,
	"PhilipsScaleSlope": 0.00240141,
	"UsePhilipsFloatNotDisplayScaling": 1,
	"SliceThickness": 2,
	"SpacingBetweenSlices": 2,
	"SAR": 0.0327349,
	"NumberOfAverages": 2,
	"EchoTime": 0.243847,
	"RepetitionTime": 2.5,
	"FlipAngle": 90,
	"CoilString": "MULTI_COIL",
	"PercentPhaseFOV": 100,
	"EchoTrainLength": 133,
	"PhaseEncodingSteps": 236,
	"AcquisitionMatrixPE": 236,
	"ReconMatrixPE": 320,
	"PixelBandwidth": 946,
	"ImageOrientationPatientDICOM": [
		1,
		0,
		0,
		0,
		1,
		0	],
	"InPlanePhaseEncodingDirectionDICOM": "ROW",
	"ConversionSoftware": "dcm2niix",
	"ConversionSoftwareVersion": "v1.0.20190902"
}
